GEM
  remote: http://rubygems.org/
  specs:
    rake (12.3.3)
    test-unit (2.5.2)

PLATFORMS
  ruby

DEPENDENCIES
  rake
  test-unit (= 2.5.2)
