GEM
  remote: http://rubygems.org/
  specs:
    rake (13.0.3)
    test-unit (2.5.2)

PLATFORMS
  ruby

DEPENDENCIES
  rake
  test-unit (= 2.5.2)

BUNDLED WITH
   2.1.4
